PATH
  remote: .
  specs:
    tokentech_graphql (0.1.0)

GEM
  remote: https://rubygems.org/
  specs:
    base64 (0.3.0)
    diff-lcs (1.6.2)
    fiber-storage (1.0.1)
    graphql (2.5.11)
      base64
      fiber-storage
      logger
    logger (1.7.0)
    memoist (0.16.2)
    rake (13.3.0)
    rspec (3.13.1)
      rspec-core (~> 3.13.0)
      rspec-expectations (~> 3.13.0)
      rspec-mocks (~> 3.13.0)
    rspec-core (3.13.5)
      rspec-support (~> 3.13.0)
    rspec-expectations (3.13.5)
      diff-lcs (>= 1.2.0, < 2.0)
      rspec-support (~> 3.13.0)
    rspec-mocks (3.13.5)
      diff-lcs (>= 1.2.0, < 2.0)
      rspec-support (~> 3.13.0)
    rspec-support (3.13.5)
    zeitwerk (2.7.3)

PLATFORMS
  arm64-darwin-23

DEPENDENCIES
  graphql
  memoist
  rake (~> 13.0)
  rspec
  tokentech_graphql!
  zeitwerk

BUNDLED WITH
   2.4.10
